PATH
  remote: .
  specs:
    cogni2 (0.1.0)
      jwt
      typhoeus

GEM
  remote: https://rubygems.org/
  specs:
    ethon (0.14.0)
      ffi (>= 1.15.0)
    ffi (1.15.1)
    jwt (2.2.3)
    rake (13.0.3)
    typhoeus (1.4.0)
      ethon (>= 0.9.0)

PLATFORMS
  x86_64-darwin-20
  x86_64-linux

DEPENDENCIES
  cogni2!
  rake (~> 13.0)

BUNDLED WITH
   2.2.17
